PATH
  remote: .
  specs:
    twitter (0.9.12)
      addressable (~> 2.2.1)
      faraday (~> 0.4.6)
      faraday-middleware (~> 0.0.3)
      hashie (~> 0.4.0)
      multi_json (~> 0.0.4)
      oauth (~> 0.4.3)

GEM
  remote: http://rubygems.org/
  specs:
    addressable (2.2.1)
    fakeweb (1.3.0)
    faraday (0.4.6)
      addressable (>= 2.1.1)
      rack (>= 1.0.1)
    faraday-middleware (0.0.3)
      faraday (~> 0.4.5)
    hashie (0.4.0)
    mocha (0.9.8)
      rake
    multi_json (0.0.4)
    oauth (0.4.3)
    rack (1.2.1)
    rake (0.8.7)
    shoulda (2.11.3)

PLATFORMS
  ruby

DEPENDENCIES
  addressable (~> 2.2.1)
  fakeweb (~> 1.3.0)
  faraday (~> 0.4.6)
  faraday-middleware (~> 0.0.3)
  hashie (~> 0.4.0)
  mocha (~> 0.9.8)
  multi_json (~> 0.0.4)
  oauth (~> 0.4.3)
  shoulda (~> 2.11.3)
  twitter!
