PATH
  remote: .
  specs:
    twitter (1.0.0.rc.2)
      addressable (~> 2.2.2)
      faraday (~> 0.5.1)
      faraday_middleware (~> 0.2.1)
      hashie (~> 0.4.0)
      multi_json (~> 0.0.4)
      multi_xml (~> 0.2.0)
      simple_oauth (~> 0.1.1)

GEM
  remote: http://rubygems.org/
  specs:
    ZenTest (4.4.0)
    addressable (2.2.2)
    bluecloth (2.0.9)
    diff-lcs (1.1.2)
    fakeweb (1.3.0)
    faraday (0.5.1)
      addressable (~> 2.2.2)
      multipart-post (~> 1.0.1)
      rack (~> 1.2.1)
    faraday_middleware (0.2.1)
      faraday (~> 0.5.1)
    hashie (0.4.0)
    json_pure (1.4.6)
    mocha (0.9.9)
      rake
    multi_json (0.0.4)
    multi_xml (0.2.0)
    multipart-post (1.0.1)
    rack (1.2.1)
    rake (0.8.7)
    rcov (0.9.9)
    rspec (2.0.1)
      rspec-core (~> 2.0.1)
      rspec-expectations (~> 2.0.1)
      rspec-mocks (~> 2.0.1)
    rspec-core (2.0.1)
    rspec-expectations (2.0.1)
      diff-lcs (>= 1.1.2)
    rspec-mocks (2.0.1)
      rspec-core (~> 2.0.1)
      rspec-expectations (~> 2.0.1)
    shoulda (2.11.3)
    simple_oauth (0.1.1)
    yard (0.6.1)

PLATFORMS
  ruby

DEPENDENCIES
  ZenTest (~> 4.4)
  addressable (~> 2.2.2)
  bluecloth (~> 2.0)
  fakeweb (~> 1.3)
  faraday (~> 0.5.1)
  faraday_middleware (~> 0.2.1)
  hashie (~> 0.4.0)
  json_pure (~> 1.4)
  mocha (~> 0.9)
  multi_json (~> 0.0.4)
  multi_xml (~> 0.2.0)
  rake (~> 0.8)
  rcov (~> 0.9)
  rspec (~> 2.0)
  shoulda (~> 2.11)
  simple_oauth (~> 0.1.1)
  twitter!
  yard (~> 0.6)
