PATH
  remote: .
  specs:
    twitter (0.9.10)
      hashie (~> 0.4.0)
      httparty (~> 0.6.1)
      multi_json (~> 0.0.4)
      oauth (~> 0.4.3)

GEM
  remote: http://rubygems.org/
  specs:
    crack (0.1.8)
    fakeweb (1.3.0)
    hashie (0.4.0)
    httparty (0.6.1)
      crack (= 0.1.8)
    jnunemaker-matchy (0.4.0)
    mocha (0.9.8)
      rake
    multi_json (0.0.4)
    oauth (0.4.3)
    rake (0.8.7)
    shoulda (2.11.3)
    yajl-ruby (0.7.7)

PLATFORMS
  ruby

DEPENDENCIES
  fakeweb (~> 1.3.0)
  hashie (~> 0.4.0)
  httparty (~> 0.6.1)
  jnunemaker-matchy (~> 0.4.0)
  mocha (~> 0.9.8)
  multi_json (~> 0.0.4)
  oauth (~> 0.4.3)
  shoulda (~> 2.11.3)
  twitter!
  yajl-ruby (~> 0.7.7)
